GEM
  remote: https://rubygems.org/
  specs:
    anyway_config (2.6.4)
      ruby-next-core (~> 1.0)
    base64 (0.2.0)
    concurrent-ruby (1.3.4)
    dry-initializer (3.1.1)
    ffi (1.17.0-aarch64-linux-gnu)
    ffi (1.17.0-arm64-darwin)
    ffi (1.17.0-x86_64-darwin)
    ffi (1.17.0-x86_64-linux-gnu)
    karafka (2.4.3)
      base64 (~> 0.2)
      karafka-core (>= 2.4.0, < 2.5.0)
      waterdrop (>= 2.7.3, < 3.0.0)
      zeitwerk (~> 2.3)
    karafka-core (2.4.3)
      karafka-rdkafka (>= 0.15.0, < 0.17.0)
    karafka-rdkafka (0.16.0)
      ffi (~> 1.15)
      mini_portile2 (~> 2.6)
      rake (> 12)
    mini_portile2 (2.8.7)
    rake (13.2.1)
    ruby-next-core (1.0.3)
    waterdrop (2.7.3)
      karafka-core (>= 2.4.0, < 3.0.0)
      karafka-rdkafka (>= 0.15.1)
      zeitwerk (~> 2.3)
    yabeda (0.12.0)
      anyway_config (>= 1.0, < 3)
      concurrent-ruby
      dry-initializer
    yabeda-karafka-2 (0.0.5)
      anyway_config (>= 1.3, < 3)
      karafka (~> 2.0)
      yabeda (~> 0.8)
    zeitwerk (2.6.17)

PLATFORMS
  aarch64-linux
  arm64-darwin-20
  arm64-darwin-21
  arm64-darwin-22
  arm64-darwin-23
  x86_64-darwin-20
  x86_64-darwin-21
  x86_64-darwin-22
  x86_64-darwin-23
  x86_64-linux

DEPENDENCIES
  karafka
  yabeda-karafka-2

BUNDLED WITH
   2.5.11
